PATH
  remote: .
  specs:
    collimator (0.0.2)
      colored

GEM
  remote: https://rubygems.org/
  specs:
    colored (1.2)
    json (1.7.5)
    open4 (1.3.0)
    rake (0.9.4)
    rdoc (3.12)
      json (~> 1.4)

PLATFORMS
  ruby

DEPENDENCIES
  collimator!
  open4
  rake (~> 0.9.2)
  rdoc
