PATH
  remote: .
  specs:
    collimator (0.0.3)
      colored

GEM
  remote: https://rubygems.org/
  specs:
    ansi (1.4.3)
    builder (3.2.2)
    colored (1.2)
    hashie (3.0.0)
    minitest (5.2.3)
    minitest-reporters (1.0.1)
      ansi
      builder
      minitest (>= 5.0)
      powerbar
    open4 (1.3.0)
    powerbar (1.0.11)
      ansi (~> 1.4.0)
      hashie (>= 1.1.0)
    rake (0.9.4)

PLATFORMS
  ruby

DEPENDENCIES
  collimator!
  minitest
  minitest-reporters
  open4
  rake (~> 0.9.2)
